GIT
  remote: https://github.com/stympy/faker.git
  revision: a7c03e67c18356b32a487795332c01c3d8d9add7
  branch: master
  specs:
    faker (1.8.7)
      i18n (>= 0.7)

GEM
  remote: https://rubygems.org/
  specs:
    abstract_type (0.0.7)
    actioncable (5.2.0)
      actionpack (= 5.2.0)
      nio4r (~> 2.0)
      websocket-driver (>= 0.6.1)
    actionmailer (5.2.0)
      actionpack (= 5.2.0)
      actionview (= 5.2.0)
      activejob (= 5.2.0)
      mail (~> 2.5, >= 2.5.4)
      rails-dom-testing (~> 2.0)
    actionpack (5.2.0)
      actionview (= 5.2.0)
      activesupport (= 5.2.0)
      rack (~> 2.0)
      rack-test (>= 0.6.3)
      rails-dom-testing (~> 2.0)
      rails-html-sanitizer (~> 1.0, >= 1.0.2)
    actionview (5.2.0)
      activesupport (= 5.2.0)
      builder (~> 3.1)
      erubi (~> 1.4)
      rails-dom-testing (~> 2.0)
      rails-html-sanitizer (~> 1.0, >= 1.0.3)
    activejob (5.2.0)
      activesupport (= 5.2.0)
      globalid (>= 0.3.6)
    activemodel (5.2.0)
      activesupport (= 5.2.0)
    activerecord (5.2.0)
      activemodel (= 5.2.0)
      activesupport (= 5.2.0)
      arel (>= 9.0)
    activestorage (5.2.0)
      actionpack (= 5.2.0)
      activerecord (= 5.2.0)
      marcel (~> 0.3.1)
    activesupport (5.2.0)
      concurrent-ruby (~> 1.0, >= 1.0.2)
      i18n (>= 0.7, < 2)
      minitest (~> 5.1)
      tzinfo (~> 1.1)
    adamantium (0.2.0)
      ice_nine (~> 0.11.0)
      memoizable (~> 0.4.0)
    addressable (2.5.2)
      public_suffix (>= 2.0.2, < 4.0)
    arel (9.0.0)
    arrayfields (4.9.2)
    ast (2.4.0)
    autoprefixer-rails (8.2.0)
      execjs
    aws-eventstream (1.0.0)
    aws-partitions (1.87.0)
    aws-sdk-core (3.21.1)
      aws-eventstream (~> 1.0)
      aws-partitions (~> 1.0)
      aws-sigv4 (~> 1.0)
      jmespath (~> 1.0)
    aws-sdk-kms (1.5.0)
      aws-sdk-core (~> 3)
      aws-sigv4 (~> 1.0)
    aws-sdk-s3 (1.12.0)
      aws-sdk-core (~> 3, >= 3.21.1)
      aws-sdk-kms (~> 1)
      aws-sigv4 (~> 1.0)
    aws-sigv4 (1.0.2)
    backports (3.11.2)
    bcrypt (3.1.11)
    bindex (0.5.0)
    bootsnap (1.3.0)
      msgpack (~> 1.0)
    bootstrap (4.0.0)
      autoprefixer-rails (>= 6.0.3)
      popper_js (>= 1.12.9, < 2)
      sass (>= 3.5.2)
    builder (3.2.3)
    byebug (10.0.2)
    cane (2.6.2)
      parallel
    capybara (2.18.0)
      addressable
      mini_mime (>= 0.1.3)
      nokogiri (>= 1.3.3)
      rack (>= 1.0.0)
      rack-test (>= 0.5.4)
      xpath (>= 2.0, < 4.0)
    choice (0.2.0)
    chronic (0.10.2)
    churn (0.0.35)
      chronic (>= 0.2.3)
      hirb
      json_pure
      main
      rest-client (>= 1.6.0)
      ruby_parser (~> 3.0)
      sexp_processor (~> 4.1)
    code_analyzer (0.4.8)
      sexp_processor
    code_metrics (0.1.3)
    coderay (1.1.2)
    coffee-rails (4.2.2)
      coffee-script (>= 2.2.0)
      railties (>= 4.0.0)
    coffee-script (2.4.1)
      coffee-script-source
      execjs
    coffee-script-source (1.12.2)
    concord (0.1.5)
      adamantium (~> 0.2.0)
      equalizer (~> 0.0.9)
    concurrent-ruby (1.0.5)
    crass (1.0.4)
    cucumber (3.1.0)
      builder (>= 2.1.2)
      cucumber-core (~> 3.1.0)
      cucumber-expressions (~> 5.0.4)
      cucumber-wire (~> 0.0.1)
      diff-lcs (~> 1.3)
      gherkin (~> 5.0)
      multi_json (>= 1.7.5, < 2.0)
      multi_test (>= 0.1.2)
    cucumber-core (3.1.0)
      backports (>= 3.8.0)
      cucumber-tag_expressions (~> 1.1.0)
      gherkin (>= 5.0.0)
    cucumber-expressions (5.0.17)
    cucumber-rails (1.4.0)
      capybara (>= 1.1.2)
      cucumber (>= 1.2.0)
      nokogiri (>= 1.5.0)
      rails (>= 3.0.0)
    cucumber-tag_expressions (1.1.1)
    cucumber-wire (0.0.1)
    database_cleaner (1.6.2)
    devise (4.4.3)
      bcrypt (~> 3.0)
      orm_adapter (~> 0.1)
      railties (>= 4.1.0, < 6.0)
      responders
      warden (~> 1.2.3)
    diff-lcs (1.3)
    docile (1.3.1)
    domain_name (0.5.20180417)
      unf (>= 0.0.5, < 1.0.0)
    equalizer (0.0.11)
    erubi (1.7.1)
    erubis (2.7.0)
    execjs (2.7.0)
    factory_bot (4.10.0)
      activesupport (>= 3.0.0)
    factory_bot_rails (4.10.0)
      factory_bot (~> 4.10.0)
      railties (>= 3.0.0)
    fattr (2.4.0)
    ffi (1.9.23)
    flay (2.12.0)
      erubis (~> 2.7.0)
      path_expander (~> 1.0)
      ruby_parser (~> 3.0)
      sexp_processor (~> 4.0)
    flog (4.6.2)
      path_expander (~> 1.0)
      ruby_parser (~> 3.1, > 3.1.0)
      sexp_processor (~> 4.8)
    font-awesome-rails (4.7.0.4)
      railties (>= 3.2, < 6.0)
    gemaina (1.0)
    gherkin (5.0.0)
    globalid (0.4.1)
      activesupport (>= 4.2.0)
    hirb (0.7.3)
    http-cookie (1.0.3)
      domain_name (~> 0.5)
    i18n (1.0.0)
      concurrent-ruby (~> 1.0)
    ice_nine (0.11.2)
    jbuilder (2.7.0)
      activesupport (>= 4.2.0)
      multi_json (>= 1.2)
    jmespath (1.4.0)
    jquery-rails (4.3.1)
      rails-dom-testing (>= 1, < 3)
      railties (>= 4.2.0)
      thor (>= 0.14, < 2.0)
    json (2.1.0)
    json_pure (2.1.0)
    launchy (2.4.3)
      addressable (~> 2.3)
    listen (3.1.5)
      rb-fsevent (~> 0.9, >= 0.9.4)
      rb-inotify (~> 0.9, >= 0.9.7)
      ruby_dep (~> 1.2)
    loofah (2.2.2)
      crass (~> 1.0.2)
      nokogiri (>= 1.5.9)
    mail (2.7.0)
      mini_mime (>= 0.1.1)
    main (6.2.2)
      arrayfields (~> 4.7, >= 4.7.4)
      chronic (~> 0.6, >= 0.6.2)
      fattr (~> 2.2, >= 2.2.0)
      map (~> 6.1, >= 6.1.0)
    map (6.6.0)
    marcel (0.3.2)
      mimemagic (~> 0.3.2)
    memoizable (0.4.2)
      thread_safe (~> 0.3, >= 0.3.1)
    method_source (0.9.0)
    metric_fu (4.12.0)
      cane (~> 2.5, >= 2.5.2)
      churn (~> 0.0.35)
      code_metrics (~> 0.1)
      coderay
      flay (~> 2.1, >= 2.0.1)
      flog (~> 4.1, >= 4.1.1)
      launchy (~> 2.0)
      metric_fu-Saikuro (~> 1.1, >= 1.1.3)
      multi_json
      rails_best_practices (~> 1.14, >= 1.14.3)
      redcard
      reek (>= 1.3.4, < 3.0)
      roodi (~> 3.1)
    metric_fu-Saikuro (1.1.3)
    mime-types (3.2.2)
      mime-types-data (~> 3.2015)
    mime-types-data (3.2018.0812)
    mimemagic (0.3.2)
    mini_mime (1.0.0)
    mini_portile2 (2.3.0)
    minitest (5.11.3)
    msgpack (1.2.4)
    multi_json (1.13.1)
    multi_test (0.1.2)
    netrc (0.11.0)
    nio4r (2.3.0)
    nokogiri (1.8.2)
      mini_portile2 (~> 2.3.0)
    orm_adapter (0.5.0)
    parallel (1.12.1)
    parser (2.5.3.0)
      ast (~> 2.4.0)
    path_expander (1.0.3)
    pg (1.0.0)
    popper_js (1.12.9)
    procto (0.0.3)
    public_suffix (3.0.2)
    puma (3.11.4)
    rack (2.0.4)
    rack-test (1.0.0)
      rack (>= 1.0, < 3)
    rails (5.2.0)
      actioncable (= 5.2.0)
      actionmailer (= 5.2.0)
      actionpack (= 5.2.0)
      actionview (= 5.2.0)
      activejob (= 5.2.0)
      activemodel (= 5.2.0)
      activerecord (= 5.2.0)
      activestorage (= 5.2.0)
      activesupport (= 5.2.0)
      bundler (>= 1.3.0)
      railties (= 5.2.0)
      sprockets-rails (>= 2.0.0)
    rails-controller-testing (1.0.2)
      actionpack (~> 5.x, >= 5.0.1)
      actionview (~> 5.x, >= 5.0.1)
      activesupport (~> 5.x)
    rails-dom-testing (2.0.3)
      activesupport (>= 4.2.0)
      nokogiri (>= 1.6)
    rails-erd (1.5.2)
      activerecord (>= 3.2)
      activesupport (>= 3.2)
      choice (~> 0.2.0)
      ruby-graphviz (~> 1.2)
    rails-html-sanitizer (1.0.4)
      loofah (~> 2.2, >= 2.2.2)
    rails-i18n (5.1.2)
      i18n (>= 0.7, < 2)
      railties (>= 5.0, < 6)
    rails_best_practices (1.19.4)
      activesupport
      code_analyzer (>= 0.4.8)
      erubis
      i18n
      json
      require_all (~> 2.0)
      ruby-progressbar
    railties (5.2.0)
      actionpack (= 5.2.0)
      activesupport (= 5.2.0)
      method_source
      rake (>= 0.8.7)
      thor (>= 0.18.1, < 2.0)
    rainbow (2.2.2)
      rake
    rake (12.3.1)
    rb-fsevent (0.10.3)
    rb-inotify (0.9.10)
      ffi (>= 0.5.0, < 2)
    redcard (1.1.0)
    reek (2.2.1)
      parser (~> 2.2)
      rainbow (~> 2.0)
      unparser (~> 0.2.2)
    require_all (2.0.0)
    responders (2.4.0)
      actionpack (>= 4.2.0, < 5.3)
      railties (>= 4.2.0, < 5.3)
    rest-client (2.0.2)
      http-cookie (>= 1.0.2, < 2.0)
      mime-types (>= 1.16, < 4.0)
      netrc (~> 0.8)
    roodi (3.3.1)
      ruby_parser (~> 3.2, >= 3.2.2)
    rspec-core (3.7.1)
      rspec-support (~> 3.7.0)
    rspec-expectations (3.7.0)
      diff-lcs (>= 1.2.0, < 2.0)
      rspec-support (~> 3.7.0)
    rspec-mocks (3.7.0)
      diff-lcs (>= 1.2.0, < 2.0)
      rspec-support (~> 3.7.0)
    rspec-rails (3.7.2)
      actionpack (>= 3.0)
      activesupport (>= 3.0)
      railties (>= 3.0)
      rspec-core (~> 3.7.0)
      rspec-expectations (~> 3.7.0)
      rspec-mocks (~> 3.7.0)
      rspec-support (~> 3.7.0)
    rspec-support (3.7.1)
    ruby-graphviz (1.2.3)
    ruby-progressbar (1.10.0)
    ruby_dep (1.5.0)
    ruby_parser (3.12.0)
      sexp_processor (~> 4.9)
    sass (3.5.6)
      sass-listen (~> 4.0.0)
    sass-listen (4.0.0)
      rb-fsevent (~> 0.9, >= 0.9.4)
      rb-inotify (~> 0.9, >= 0.9.7)
    sass-rails (5.0.7)
      railties (>= 4.0.0, < 6)
      sass (~> 3.1)
      sprockets (>= 2.8, < 4.0)
      sprockets-rails (>= 2.0, < 4.0)
      tilt (>= 1.1, < 3)
    sexp_processor (4.11.0)
    shoulda-matchers (3.1.2)
      activesupport (>= 4.0.0)
    simplecov (0.16.1)
      docile (~> 1.1)
      json (>= 1.8, < 3)
      simplecov-html (~> 0.10.0)
    simplecov-html (0.10.2)
    spring (2.0.2)
      activesupport (>= 4.2)
    spring-watcher-listen (2.0.1)
      listen (>= 2.7, < 4.0)
      spring (>= 1.2, < 3.0)
    sprockets (3.7.1)
      concurrent-ruby (~> 1.0)
      rack (> 1, < 3)
    sprockets-rails (3.2.1)
      actionpack (>= 4.0)
      activesupport (>= 4.0)
      sprockets (>= 3.0.0)
    thor (0.20.0)
    thread_safe (0.3.6)
    tilt (2.0.8)
    turbolinks (5.1.1)
      turbolinks-source (~> 5.1)
    turbolinks-source (5.1.0)
    tzinfo (1.2.5)
      thread_safe (~> 0.1)
    uglifier (4.1.9)
      execjs (>= 0.3.0, < 3)
    unf (0.1.4)
      unf_ext
    unf_ext (0.0.7.5)
    unparser (0.2.8)
      abstract_type (~> 0.0.7)
      adamantium (~> 0.2.0)
      concord (~> 0.1.5)
      diff-lcs (~> 1.3)
      equalizer (~> 0.0.9)
      parser (>= 2.3.1.2, < 2.6)
      procto (~> 0.0.2)
    warden (1.2.7)
      rack (>= 1.0)
    web-console (3.6.0)
      actionview (>= 5.0)
      activemodel (>= 5.0)
      bindex (>= 0.4.0)
      railties (>= 5.0)
    websocket-driver (0.7.0)
      websocket-extensions (>= 0.1.0)
    websocket-extensions (0.1.3)
    xpath (3.0.0)
      nokogiri (~> 1.8)

PLATFORMS
  ruby

DEPENDENCIES
  aws-sdk-s3
  bootsnap (>= 1.1.0)
  bootstrap (~> 4.0.0)
  byebug
  capybara (~> 2.18)
  coffee-rails (~> 4.2)
  cucumber-rails
  database_cleaner
  devise
  factory_bot_rails
  faker!
  font-awesome-rails
  gemaina (~> 1.0)
  jbuilder (~> 2.5)
  jquery-rails
  listen (>= 3.0.5, < 3.2)
  metric_fu
  nokogiri
  pg (>= 0.18, < 2.0)
  puma (~> 3.11)
  rails (~> 5.2.0)
  rails-controller-testing
  rails-erd
  rails-i18n (~> 5.1)
  rspec-rails (~> 3.7)
  sass-rails (~> 5.0)
  shoulda-matchers (~> 3.1)
  simplecov
  spring
  spring-watcher-listen (~> 2.0.0)
  turbolinks (~> 5)
  tzinfo-data
  uglifier (>= 1.3.0)
  web-console (>= 3.3.0)

RUBY VERSION
   ruby 2.4.3p205

BUNDLED WITH
   1.16.6
